GIT
  remote: https://github.com/rspec/rspec-core.git
  revision: e7c5d030966a7e8dad3e0a67c61920c4f2437c15
  branch: master
  specs:
    rspec-core (3.10.0.pre)
      rspec-support (= 3.10.0.pre)

GIT
  remote: https://github.com/rspec/rspec-expectations.git
  revision: e63ff4765e1cd2798b02ddddad259f1104ef87a5
  branch: master
  specs:
    rspec-expectations (3.10.0.pre)
      diff-lcs (>= 1.2.0, < 2.0)
      rspec-support (= 3.10.0.pre)

GIT
  remote: https://github.com/rspec/rspec-mocks.git
  revision: 0a52e0a86b126b4bab94d277b2ad99a7492dc37d
  branch: master
  specs:
    rspec-mocks (3.10.0.pre)
      diff-lcs (>= 1.2.0, < 2.0)
      rspec-support (= 3.10.0.pre)

GIT
  remote: https://github.com/rspec/rspec-support.git
  revision: 6447b0c2c9d1cd3e1504784fb85675ca9ae7b7c3
  branch: master
  specs:
    rspec-support (3.10.0.pre)

GIT
  remote: https://github.com/rspec/rspec.git
  revision: 28443b6392c976f40ab323c11574cf5f00faa68c
  branch: master
  specs:
    rspec (3.10.0.pre)
      rspec-core (= 3.10.0.pre)
      rspec-expectations (= 3.10.0.pre)
      rspec-mocks (= 3.10.0.pre)

GEM
  remote: https://rubygems.org/
  specs:
    activesupport (7.0.4.1)
      concurrent-ruby (~> 1.0, >= 1.0.2)
      i18n (>= 1.6, < 2)
      minitest (>= 5.1)
      tzinfo (~> 2.0)
    concurrent-ruby (1.1.10)
    diff-lcs (1.4.4)
    dotenv (2.0.1)
    dotenv-rails (2.0.1)
      dotenv (= 2.0.1)
    faraday (1.0.1)
      multipart-post (>= 1.2, < 3)
    i18n (1.12.0)
      concurrent-ruby (~> 1.0)
    minitest (5.17.0)
    multipart-post (2.1.1)
    rack (2.2.3)
    rspec-rails (1.3.2)
      rack (>= 1.0.0)
      rspec (>= 1.3.0)
    tzinfo (2.0.5)
      concurrent-ruby (~> 1.0)

PLATFORMS
  ruby

DEPENDENCIES
  dotenv-rails
  faraday
  rspec!
  rspec-core!
  rspec-expectations!
  rspec-mocks!
  rspec-rails
  rspec-support!

BUNDLED WITH
   2.1.4
